PATH
  remote: .
  specs:
    jruby_hello_world (0.1.0)
      rack
      sinatra
      warbler

GEM
  remote: https://rubygems.org/
  specs:
    jruby-jars (1.7.22)
    jruby-rack (1.1.19)
    minitest (5.8.3)
    rack (1.6.4)
    rack-protection (1.5.3)
      rack
    rake (10.5.0)
    rubyzip (1.1.7)
    sinatra (1.4.6)
      rack (~> 1.4)
      rack-protection (~> 1.4)
      tilt (>= 1.3, < 3)
    tilt (2.0.2)
    warbler (1.4.9)
      jruby-jars (>= 1.5.6, < 2.0)
      jruby-rack (>= 1.1.1, < 1.3)
      rake (>= 0.9.6)
      rubyzip (>= 0.9, < 1.2)

PLATFORMS
  java
  x64-mingw32

DEPENDENCIES
  bundler (~> 1.11)
  jruby_hello_world!
  minitest (~> 5.0)
  rake (~> 10.0)

BUNDLED WITH
   1.11.2
